RESTRICTION: >= net461
NUGET
  remote: https://www.nuget.org/api/v2
    Argu (5.1)
      FSharp.Core (>= 4.0.0.1)
    Expecto (7.0)
      Argu (>= 5.1)
      Mono.Cecil (>= 0.10.0-beta7)
    Expecto.FsCheck (7.0)
      Expecto (>= 7.0)
      FsCheck (>= 2.10.4)
    FsCheck (2.10.8)
      FSharp.Core (>= 4.0.0.1)
    FSharp.Core (4.3.4)
    Mono.Cecil (0.10)

GROUP Build
NUGET
  remote: https://www.nuget.org/api/v2
    FAKE (4.64.11)
